GEM
  remote: https://rubygems.org/
  specs:
    config_server (0.1.4)
      rack
    rack (3.0.9.1)

PLATFORMS
  ruby

DEPENDENCIES
  config_server

BUNDLED WITH
   1.17.2
